GEM
  remote: https://rubygems.org/
  specs:
    capistrano (2.15.5)
      highline
      net-scp (>= 1.0.0)
      net-sftp (>= 2.0.0)
      net-ssh (>= 2.0.14)
      net-ssh-gateway (>= 1.1.0)
    capistrano-node-deploy (1.2.14)
      multi_json (~> 1.3.6)
      railsless-deploy (>= 1.1.0)
    capistrano-uptodate (0.0.2)
      capistrano (>= 2.5.5)
    highline (1.6.21)
    multi_json (1.3.7)
    net-scp (1.2.1)
      net-ssh (>= 2.6.5)
    net-sftp (2.1.2)
      net-ssh (>= 2.6.5)
    net-ssh (2.9.1)
    net-ssh-gateway (1.2.0)
      net-ssh (>= 2.6.5)
    railsless-deploy (1.1.3)

PLATFORMS
  ruby

DEPENDENCIES
  capistrano (~> 2.15)
  capistrano-node-deploy (~> 1.2.14)
  capistrano-uptodate
